PATH
  remote: .
  specs:
    recaptcha (0.3.4)

GEM
  remote: http://rubygems.org/
  specs:
    activesupport (3.1.3)
      multi_json (~> 1.0)
    i18n (0.6.0)
    metaclass (0.0.1)
    mocha (0.10.0)
      metaclass (~> 0.0.1)
    multi_json (1.0.3)
    rake (0.9.2.2)

PLATFORMS
  ruby

DEPENDENCIES
  activesupport
  i18n
  mocha
  rake
  recaptcha!
