<<<<<<< HEAD
GIT
  remote: git://github.com/ernie/ransack.git
  revision: ccd7b3ef3e8b8f55cb39a44d0cdb882d363b442d
=======
PATH
  remote: .
>>>>>>> refs/remotes/origin/refactoring
  specs:
    taurus (0.0.1)
      taurus_auth (= 0.0.1)
      taurus_cms (= 0.0.1)
      taurus_core (= 0.0.1)
      taurus_warehouse (= 0.0.1)
    taurus_auth (0.0.1)
      cancan (= 1.6.7)
      devise (= 1.5.3)
      taurus_core (= 0.0.1)
    taurus_cms (0.0.1)
    taurus_core (0.0.1)
      ckeditor (= 3.7.0.rc2)
      jquery-rails (= 1.0.19)
      paperclip (= 2.4.0)
      rails (= 3.1.3)
      ransack
      rmagick (= 2.13.1)
      simple_form (= 2.0.2)
      twitter-bootstrap-rails (= 2.0.6)
      will_paginate (= 3.0.3)
      will_paginate-bootstrap (= 0.2.0)
    taurus_warehouse (0.0.1)
      taurus_core (= 0.0.1)

GEM
  remote: http://ruby.taobao.org/
  specs:
    Ascii85 (1.0.1)
    actionmailer (3.1.3)
      actionpack (= 3.1.3)
      mail (~> 2.3.0)
    actionpack (3.1.3)
      activemodel (= 3.1.3)
      activesupport (= 3.1.3)
      builder (~> 3.0.0)
      erubis (~> 2.7.0)
      i18n (~> 0.6)
      rack (~> 1.3.5)
      rack-cache (~> 1.1)
      rack-mount (~> 0.8.2)
      rack-test (~> 0.6.1)
      sprockets (~> 2.0.3)
    activemodel (3.1.3)
      activesupport (= 3.1.3)
      builder (~> 3.0.0)
      i18n (~> 0.6)
    activerecord (3.1.3)
      activemodel (= 3.1.3)
      activesupport (= 3.1.3)
      arel (~> 2.2.1)
      tzinfo (~> 0.3.29)
    activeresource (3.1.3)
      activemodel (= 3.1.3)
      activesupport (= 3.1.3)
    activesupport (3.1.3)
      multi_json (~> 1.0)
    arel (2.2.3)
    bcrypt-ruby (3.0.1)
    builder (3.0.0)
    cancan (1.6.7)
    ckeditor (3.7.0.rc2)
      mime-types (~> 1.17.2)
      orm_adapter (~> 0.0.6)
    cocaine (0.2.1)
    coffee-rails (3.1.1)
      coffee-script (>= 2.2.0)
      railties (~> 3.1.0)
    coffee-script (2.2.0)
      coffee-script-source
      execjs
    coffee-script-source (1.3.1)
    commonjs (0.2.6)
    devise (1.5.3)
      bcrypt-ruby (~> 3.0)
      orm_adapter (~> 0.0.3)
      warden (~> 1.1)
    diff-lcs (1.1.3)
    erubis (2.7.0)
    execjs (1.3.1)
      multi_json (~> 1.0)
    factory_girl (2.3.2)
      activesupport
    factory_girl_rails (1.4.0)
      factory_girl (~> 2.3.0)
      railties (>= 3.0.0)
    hike (1.2.1)
    i18n (0.6.0)
    jquery-rails (1.0.19)
      railties (~> 3.0)
      thor (~> 0.14)
    json (1.7.0)
    less (2.2.1)
      commonjs (~> 0.2.6)
    less-rails (2.2.2)
      actionpack (>= 3.1)
      less (~> 2.2.0)
    libv8 (3.3.10.4)
    mail (2.3.3)
      i18n (>= 0.4.0)
      mime-types (~> 1.16)
      treetop (~> 1.4.8)
    mime-types (1.17.2)
    multi_json (1.3.4)
    mysql2 (0.3.11)
    orm_adapter (0.0.7)
    paperclip (2.4.0)
      activerecord (>= 2.3.0)
      activesupport (>= 2.3.2)
      cocaine (>= 0.0.2)
      mime-types
    pdf-reader (1.1.0)
      Ascii85 (~> 1.0.0)
      ruby-rc4
    polyamorous (0.5.0)
      activerecord (~> 3.0)
    polyglot (0.3.3)
    prawn (0.12.0)
      pdf-reader (>= 0.9.0)
      ttfunk (~> 1.0.2)
    rack (1.3.6)
    rack-cache (1.2)
      rack (>= 0.4)
    rack-mount (0.8.3)
      rack (>= 1.0.0)
    rack-ssl (1.3.2)
      rack
    rack-test (0.6.1)
      rack (>= 1.0)
    rails (3.1.3)
      actionmailer (= 3.1.3)
      actionpack (= 3.1.3)
      activerecord (= 3.1.3)
      activeresource (= 3.1.3)
      activesupport (= 3.1.3)
      bundler (~> 1.0)
      railties (= 3.1.3)
    rails3-jquery-autocomplete (1.0.7)
      rails (~> 3.0)
    railties (3.1.3)
      actionpack (= 3.1.3)
      activesupport (= 3.1.3)
      rack-ssl (~> 1.3.2)
      rake (>= 0.8.7)
      rdoc (~> 3.4)
      thor (~> 0.14.6)
    rake (0.9.2.2)
    ransack (0.6.0)
      actionpack (~> 3.0)
      activerecord (~> 3.0)
      polyamorous (~> 0.5.0)
    rdoc (3.12)
      json (~> 1.4)
    rmagick (2.13.1)
<<<<<<< HEAD
    rspec (2.10.0)
      rspec-core (~> 2.10.0)
      rspec-expectations (~> 2.10.0)
      rspec-mocks (~> 2.10.0)
    rspec-core (2.10.0)
    rspec-expectations (2.10.0)
      diff-lcs (~> 1.1.3)
    rspec-mocks (2.10.0)
    rspec-rails (2.10.0)
      actionpack (>= 3.0)
      activesupport (>= 3.0)
      railties (>= 3.0)
      rspec (~> 2.10.0)
=======
    rspec (2.9.0)
      rspec-core (~> 2.9.0)
      rspec-expectations (~> 2.9.0)
      rspec-mocks (~> 2.9.0)
    rspec-core (2.9.0)
    rspec-expectations (2.9.1)
      diff-lcs (~> 1.1.3)
    rspec-mocks (2.9.0)
    rspec-rails (2.9.0)
      actionpack (>= 3.0)
      activesupport (>= 3.0)
      railties (>= 3.0)
      rspec (~> 2.9.0)
>>>>>>> refs/remotes/origin/refactoring
    ruby-rc4 (0.1.5)
    sass (3.1.16)
    sass-rails (3.1.6)
      actionpack (~> 3.1.0)
      railties (~> 3.1.0)
      sass (>= 3.1.10)
      tilt (~> 1.3.2)
    simple_form (2.0.2)
      actionpack (~> 3.0)
      activemodel (~> 3.0)
    spork (0.9.0)
    sprockets (2.0.4)
      hike (~> 1.2)
      rack (~> 1.0)
      tilt (~> 1.1, != 1.3.0)
    therubyracer (0.10.1)
      libv8 (~> 3.3.10)
    thor (0.14.6)
    tilt (1.3.3)
    treetop (1.4.10)
      polyglot
      polyglot (>= 0.3.1)
    ttfunk (1.0.3)
    twitter-bootstrap-rails (2.0.6)
      actionpack (>= 3.1)
      less-rails (~> 2.2.0)
      railties (>= 3.1)
    tzinfo (0.3.33)
    uglifier (1.2.4)
      execjs (>= 0.3.0)
      multi_json (>= 1.0.2)
    warden (1.1.1)
      rack (>= 1.0)
    will_paginate (3.0.3)
    will_paginate-bootstrap (0.2.0)
      will_paginate (>= 3.0.3)

PLATFORMS
  ruby

DEPENDENCIES
  coffee-rails (~> 3.1.1)
  execjs
  factory_girl_rails (= 1.4.0)
  mysql2 (~> 0.3.10)
  prawn (= 0.12.0)
  rails (= 3.1.3)
  rails3-jquery-autocomplete
  rake (= 0.9.2.2)
  rspec
  rspec-rails
  sass-rails (~> 3.1.5)
<<<<<<< HEAD
  simple_form (= 2.0.2)
=======
>>>>>>> refs/remotes/origin/refactoring
  spork (~> 0.9.0.rc)
  taurus!
  therubyracer
  twitter-bootstrap-rails
  uglifier (>= 1.0.3)
<<<<<<< HEAD
  will_paginate (= 3.0.3)
  will_paginate-bootstrap
=======
>>>>>>> refs/remotes/origin/refactoring
